{
    "Rows": 768, 
    "InversionTime": 0.0, 
    "InplanePhaseEncodingDirection": "COL", 
    "SeriesTime": "105039.399000", 
    "NumberOfAverages": 1.0, 
    "EffectiveEchoSpacing": 0.000310001, 
    "ManufacturersModelName": "Skyra", 
    "PATModeText": "p2", 
    "PhaseEncodingDirection": "j-", 
    "BandwidthPerPixelPhaseEncode": 33.602, 
    "NumberOfEchoes": null, 
    "Columns": 768, 
    "PixelSpacing": [
        2.3958332538605, 
        2.3958332538605
    ], 
    "RepetitionTime": 1, 
    "SeriesDate": "18740621", 
    "PercentPhaseFieldOfView": 100.0, 
    "MagneticFieldStrength": 3.0, 
    "MRAcquisitionType": "2D", 
    "SliceThickness": 2.4000000953674, 
    "StudyTime": "095910.879000", 
    "RealDwellTime": 2600, 
    "EchoTrainLength": 47, 
    "PixelBandwidth": 2005.0, 
    "ScanningSequence": "EP", 
    "Manufacturer": "SIEMENS", 
    "FlipAngle": 63.0, 
    "SeriesDescription": "task001_run006", 
    "SequenceName": "epfid2d1_96", 
    "SeriesNumber": 19, 
    "SpacingBetweenSlices": 2.4000000406099, 
    "ImageType": "ORIGINAL/PRIMARY/M/ND/NORM/MOSAIC", 
    "EchoTime": 0.03, 
    "SequenceVariant": "SK", 
    "SliceTiming": [
        0, 
        0.21, 
        0.42, 
        0.63, 
        0.84, 
        0.07, 
        0.28, 
        0.49, 
        0.7, 
        0.91, 
        0.14, 
        0.35, 
        0.56, 
        0.77, 
        0, 
        0.21, 
        0.42, 
        0.63, 
        0.84, 
        0.07, 
        0.28, 
        0.49, 
        0.7, 
        0.91, 
        0.14, 
        0.35, 
        0.56, 
        0.77, 
        0, 
        0.21, 
        0.42, 
        0.63, 
        0.84, 
        0.07, 
        0.28, 
        0.49, 
        0.7, 
        0.91, 
        0.14, 
        0.35, 
        0.56, 
        0.77, 
        0, 
        0.21, 
        0.42, 
        0.63, 
        0.84, 
        0.07, 
        0.28, 
        0.49, 
        0.7, 
        0.91, 
        0.14, 
        0.35, 
        0.56, 
        0.77
    ], 
    "ImagingFrequency": 123.224257, 
    "StudyID": "1", 
    "ScanOptions": "FS", 
    "NumberOfPhaseEncodingSteps": 95
}