{
    "Rows": 96, 
    "InversionTime": 0.0, 
    "InplanePhaseEncodingDirection": "ROW", 
    "SeriesTime": "102534.566000", 
    "NumberOfAverages": 1.0, 
    "ManufacturersModelName": "Skyra", 
    "PATModeText": null, 
    "PhaseEncodingDirection": "i-", 
    "BandwidthPerPixelPhaseEncode": null, 
    "NumberOfEchoes": null, 
    "Columns": 96, 
    "PixelSpacing": [
        2.3958332538605, 
        2.3958332538605
    ], 
    "RepetitionTime": 0.54, 
    "SeriesDate": "18740621", 
    "PercentPhaseFieldOfView": 100.0, 
    "MagneticFieldStrength": 3.0, 
    "MRAcquisitionType": "2D", 
    "SliceThickness": 2.4000000953674, 
    "StudyTime": "095910.879000", 
    "RealDwellTime": 8700, 
    "EchoTrainLength": 0, 
    "PixelBandwidth": 600.0, 
    "ScanningSequence": "GR", 
    "Manufacturer": "SIEMENS", 
    "FlipAngle": 5.0, 
    "SeriesDescription": "fieldmap", 
    "SequenceName": "*fm2d2r", 
    "SeriesNumber": 7, 
    "SpacingBetweenSlices": 2.4, 
    "ImageType": "ORIGINAL/PRIMARY/P/ND", 
    "EchoTime": 0.00451, 
    "SequenceVariant": "SP", 
    "SliceTiming": null, 
    "ImagingFrequency": 123.224177, 
    "StudyID": "1", 
    "ScanOptions": "", 
    "NumberOfPhaseEncodingSteps": 96
}